GEM
  remote: https://rubygems.org/
  specs:
    diff-lcs (1.2.4)
    ffi (1.0.11)
    nice-ffi (0.4)
      ffi (>= 0.5.0)
    rake (0.9.2.2)
    rspec (2.14.1)
      rspec-core (~> 2.14.0)
      rspec-expectations (~> 2.14.0)
      rspec-mocks (~> 2.14.0)
    rspec-core (2.14.4)
    rspec-expectations (2.14.1)
      diff-lcs (>= 1.1.3, < 2.0)
    rspec-mocks (2.14.3)
    ruby-sdl-ffi (0.4)
      nice-ffi (>= 0.2)
    rubygame (2.6.4)
      rake (>= 0.7.0)
      ruby-sdl-ffi (>= 0.1.0)

PLATFORMS
  ruby

DEPENDENCIES
  rspec
  rubygame
